GEM
  remote: https://rubygems.org/
  specs:
    byebug (11.0.1)
    concurrent-ruby (1.1.5)
    faker (2.1.2)
      i18n (>= 0.8)
    i18n (1.6.0)
      concurrent-ruby (~> 1.0)
    pg (1.1.4)
    rack (2.0.7)
    rack-console (1.3.1)
      rack (>= 1.1)
      rack-test
    rack-flash3 (1.0.5)
      rack
    rack-test (1.1.0)
      rack (>= 1.0, < 3)
    sequel (5.23.0)
    warden (1.2.8)
      rack (>= 2.0.6)

PLATFORMS
  ruby

DEPENDENCIES
  byebug
  faker
  pg
  rack
  rack-console
  rack-flash3
  sequel
  warden

BUNDLED WITH
   1.17.2
